PATH
  remote: .
  specs:
    bootboot (0.2.0)

GEM
  remote: https://rubygems.org/
  specs:
    ast (2.4.2)
    domain_name (0.5.20180417)
      unf (>= 0.0.5, < 1.0.0)
    highline (1.6.20)
    http-cookie (1.0.3)
      domain_name (~> 0.5)
    json_pure (1.8.1)
    mime-types (3.2.2)
      mime-types-data (~> 3.2015)
    mime-types-data (3.2018.0812)
    minitest (5.11.3)
    netrc (0.11.0)
    package_cloud (0.3.05)
      highline (= 1.6.20)
      json_pure (= 1.8.1)
      rainbow (= 2.2.2)
      rest-client (~> 2.0)
      thor (~> 0.18)
    parallel (1.22.1)
    parser (3.1.2.0)
      ast (~> 2.4.1)
    rainbow (2.2.2)
      rake
    rake (13.0.6)
    regexp_parser (2.3.0)
    rest-client (2.0.2)
      http-cookie (>= 1.0.2, < 2.0)
      mime-types (>= 1.16, < 4.0)
      netrc (~> 0.8)
    rexml (3.2.5)
    rubocop (1.28.1)
      parallel (~> 1.10)
      parser (>= 3.1.0.0)
      rainbow (>= 2.2.2, < 4.0)
      regexp_parser (>= 1.8, < 3.0)
      rexml
      rubocop-ast (>= 1.17.0, < 2.0)
      ruby-progressbar (~> 1.7)
      unicode-display_width (>= 1.4.0, < 3.0)
    rubocop-ast (1.17.0)
      parser (>= 3.1.1.0)
    rubocop-shopify (1.0.0)
      rubocop (>= 0.78.0)
    ruby-progressbar (1.11.0)
    thor (0.20.3)
    unf (0.1.4)
      unf_ext
    unf_ext (0.0.7.5)
    unicode-display_width (2.1.0)

PLATFORMS
  ruby

DEPENDENCIES
  bootboot!
  minitest (~> 5.0)
  package_cloud
  rake
  rubocop
  rubocop-shopify

BUNDLED WITH
   2.3.4
